GEM
  remote: https://rubygems.org/
  specs:
    coderay (1.0.9)
    coffee-script (2.2.0)
      coffee-script-source
      execjs
    coffee-script-source (1.6.2)
    execjs (1.4.0)
      multi_json (~> 1.0)
    ffi (1.3.1)
    formatador (0.2.4)
    guard (1.7.0)
      formatador (>= 0.2.4)
      listen (>= 0.6.0)
      lumberjack (>= 1.0.2)
      pry (>= 0.9.10)
      thor (>= 0.14.6)
    guard-coffeescript (1.2.1)
      coffee-script (>= 2.2.0)
      guard (>= 1.1.0)
    guard-copy2 (0.0.2)
      guard (~> 1.7.0)
      guard-helpers (~> 0.0.3)
    guard-helpers (0.0.3)
    guard-jade (0.1.2)
      guard (~> 1.7.0)
      guard-helpers (~> 0.0.3)
    guard-stylus (0.0.2)
      guard (~> 1.7.0)
      guard-helpers (~> 0.0.3)
      stylus (~> 0.7.1)
    libnotify (0.8.0)
      ffi (>= 1.0.11)
    listen (0.7.3)
    lumberjack (1.0.3)
    method_source (0.8.1)
    multi_json (1.7.2)
    pry (0.9.12)
      coderay (~> 1.0.5)
      method_source (~> 0.8)
      slop (~> 3.4)
    rake (10.0.4)
    rb-fchange (0.0.6)
      ffi
    rb-fsevent (0.9.3)
    rb-inotify (0.8.8)
      ffi (>= 0.5.0)
    slop (3.4.4)
    stylus (0.7.1)
      execjs
      stylus-source
    stylus-source (0.31.0)
    terminal-notifier-guard (1.5.3)
    thor (0.18.1)

PLATFORMS
  ruby

DEPENDENCIES
  guard (~> 1.7.0)
  guard-coffeescript (~> 1.2.1)
  guard-copy2 (~> 0.0.2)
  guard-helpers (~> 0.0.3)
  guard-jade (~> 0.1.2)
  guard-stylus (~> 0.0.2)
  libnotify
  rake
  rb-fchange
  rb-fsevent
  rb-inotify (~> 0.8.8)
  stylus
  terminal-notifier-guard
